GEM
  specs:
    ruby-kafka (0.5.0)

PLATFORMS
  ruby

DEPENDENCIES
  ruby-kafka (>= 0.5.0)

BUNDLED WITH
   1.16.0
