PATH
  remote: .
  specs:
    ci-connector (0.1.0)
      ruby-kafka (~> 0.5)

GEM
  remote: https://rubygems.org/
  specs:
    rake (10.5.0)
    ruby-kafka (0.5.0)

PLATFORMS
  ruby

DEPENDENCIES
  bundler (~> 1.16)
  ci-connector!
  rake (~> 10.0)

BUNDLED WITH
   1.16.0
