PATH
  remote: .
  specs:
    ci-connector (0.1.0)
      ruby-kafka (~> 0.7.4)

GEM
  remote: https://rubygems.org/
  specs:
    digest-crc (0.4.1)
    rake (10.5.0)
    ruby-kafka (0.7.4)
      digest-crc

PLATFORMS
  ruby

DEPENDENCIES
  bundler (~> 1.16)
  ci-connector!
  rake (~> 10.0)

BUNDLED WITH
   1.17.2
